PATH
  remote: .
  specs:
    lsi (0.1.0)
      methadone (~> 1.9.2)
      tty-prompt (~> 0.7.1)

GEM
  remote: https://rubygems.org/
  specs:
    aruba (0.14.1)
      childprocess (~> 0.5.6)
      contracts (~> 0.9)
      cucumber (>= 1.3.19)
      ffi (~> 1.9.10)
      rspec-expectations (>= 2.99)
      thor (~> 0.19)
    builder (3.2.2)
    childprocess (0.5.9)
      ffi (~> 1.0, >= 1.0.11)
    contracts (0.14.0)
    cucumber (2.4.0)
      builder (>= 2.1.2)
      cucumber-core (~> 1.5.0)
      cucumber-wire (~> 0.0.1)
      diff-lcs (>= 1.1.3)
      gherkin (~> 4.0)
      multi_json (>= 1.7.5, < 2.0)
      multi_test (>= 0.1.2)
    cucumber-core (1.5.0)
      gherkin (~> 4.0)
    cucumber-wire (0.0.1)
    diff-lcs (1.2.5)
    equatable (0.5.0)
    ffi (1.9.14)
    gherkin (4.0.0)
    json (1.8.3)
    methadone (1.9.2)
      bundler
    multi_json (1.12.1)
    multi_test (0.1.2)
    necromancer (0.3.0)
    pastel (0.6.1)
      equatable (~> 0.5.0)
      tty-color (~> 0.3.0)
    power_assert (0.3.0)
    rake (11.2.2)
    rdoc (4.2.2)
      json (~> 1.4)
    rspec-expectations (3.5.0)
      diff-lcs (>= 1.2.0, < 2.0)
      rspec-support (~> 3.5.0)
    rspec-support (3.5.0)
    test-unit (3.2.1)
      power_assert
    thor (0.19.1)
    tty-color (0.3.0)
    tty-cursor (0.3.0)
    tty-prompt (0.7.1)
      necromancer (~> 0.3.0)
      pastel (~> 0.6.0)
      tty-cursor (~> 0.3.0)
      wisper (~> 1.6.1)
    wisper (1.6.1)

PLATFORMS
  ruby

DEPENDENCIES
  aruba
  bundler (~> 1.12)
  lsi!
  rake
  rdoc
  test-unit

BUNDLED WITH
   1.12.5
